GIT
  remote: git@github.com:rightscale/right_develop.git
  revision: 13c3398570c0255ee1b052d05accf15f39be2d60
  specs:
    right_develop (2.1.4)
      builder (~> 3.0)
      cucumber (~> 1.0, < 1.3.3)
      rake (>= 0.8.7, < 0.10)
      right_aws (>= 2.1.0)
      right_git (~> 0.1.0)
      right_support (~> 2.0)
      rspec (>= 1.3, < 3.0)
      trollop (>= 1.0, < 3.0)

GEM
  remote: https://rubygems.org/
  specs:
    addressable (2.3.5)
    backports (3.4.0)
    builder (3.2.2)
    celluloid (0.15.2)
      timers (~> 1.1.0)
    celluloid-io (0.15.0)
      celluloid (>= 0.15.0)
      nio4r (>= 0.5.0)
    coderay (1.1.0)
    colored (1.2)
    cucumber (1.3.2)
      builder (>= 2.1.2)
      diff-lcs (>= 1.1.3)
      gherkin (~> 2.12.0)
      multi_json (~> 1.3)
    diff-lcs (1.2.5)
    docile (1.1.2)
    faraday (0.8.9)
      multipart-post (~> 1.2.0)
    ffi (1.9.3)
    formatador (0.2.4)
    fuubar (1.3.2)
      rspec (>= 2.14.0, < 3.1.0)
      ruby-progressbar (~> 1.3)
    gherkin (2.12.2)
      multi_json (~> 1.3)
    git (1.2.6)
    github_api (0.10.1)
      addressable
      faraday (~> 0.8.1)
      hashie (>= 1.2)
      multi_json (~> 1.4)
      nokogiri (~> 1.5.2)
      oauth2
    guard (2.4.0)
      formatador (>= 0.2.4)
      listen (~> 2.1)
      lumberjack (~> 1.0)
      pry (>= 0.9.12)
      thor (>= 0.18.1)
    guard-rspec (4.2.6)
      guard (~> 2.1)
      rspec (>= 2.14, < 4.0)
    hashie (2.0.5)
    highline (1.6.20)
    jeweler (1.8.8)
      builder
      bundler (~> 1.0)
      git (>= 1.2.5)
      github_api (= 0.10.1)
      highline (>= 1.6.15)
      nokogiri (= 1.5.10)
      rake
      rdoc
    json (1.8.1)
    jwt (0.1.11)
      multi_json (>= 1.5)
    listen (2.5.0)
      celluloid (>= 0.15.2)
      celluloid-io (>= 0.15.0)
      rb-fsevent (>= 0.9.3)
      rb-inotify (>= 0.9)
    lumberjack (1.0.4)
    method_source (0.8.2)
    multi_json (1.8.4)
    multi_xml (0.5.5)
    multipart-post (1.2.0)
    nio4r (1.0.0)
    nokogiri (1.5.10)
    oauth2 (0.9.3)
      faraday (>= 0.8, < 0.10)
      jwt (~> 0.1.8)
      multi_json (~> 1.3)
      multi_xml (~> 0.5)
      rack (~> 1.2)
    pry (0.9.12.6)
      coderay (~> 1.0)
      method_source (~> 0.8)
      slop (~> 3.4)
    rack (1.5.2)
    rake (0.9.6)
    rake-notes (0.2.0)
      colored
      rake
    randexp (0.1.7)
    rb-fsevent (0.9.4)
    rb-inotify (0.9.3)
      ffi (>= 0.5.0)
    rdoc (3.12.2)
      json (~> 1.4)
    redcarpet (2.3.0)
    right_aws (3.1.0)
      right_http_connection (>= 1.2.5)
    right_git (0.1.0)
      right_support (>= 2.8.10, < 3.0.0)
    right_http_connection (1.4.0)
    right_support (2.8.22)
    rspec (2.14.1)
      rspec-core (~> 2.14.0)
      rspec-expectations (~> 2.14.0)
      rspec-mocks (~> 2.14.0)
    rspec-core (2.14.7)
    rspec-expectations (2.14.5)
      diff-lcs (>= 1.1.3, < 2.0)
    rspec-mocks (2.14.5)
    ruby-prof (0.14.2)
    ruby-progressbar (1.4.1)
    simplecov (0.8.2)
      docile (~> 1.1.0)
      multi_json
      simplecov-html (~> 0.8.0)
    simplecov-html (0.8.0)
    slop (3.4.7)
    thor (0.18.1)
    timers (1.1.0)
    trollop (2.0)
    yard (0.8.7.3)
    yardstick (0.9.9)
      yard (~> 0.8, >= 0.8.7.2)

PLATFORMS
  ruby

DEPENDENCIES
  backports
  bundler
  fuubar
  guard
  guard-rspec
  hashie
  jeweler (~> 1.8.3)
  rake-notes
  randexp
  rdoc (~> 3.12)
  redcarpet (< 3.0)
  right_develop!
  rspec
  ruby-prof
  simplecov
  yard (~> 0.8.7)
  yardstick
